GEM
  remote: https://rubygems.org/
  specs:
    pg (1.5.3)

PLATFORMS
  x86_64-darwin-22

DEPENDENCIES
  pg

RUBY VERSION
   ruby 3.1.2p20

BUNDLED WITH
   2.4.5
